GIT
  remote: git://github.com/dustin/ruby-trie.git
  revision: ca95d508d8aadef361905e4944a38db072eecfae
  specs:
    trie (0.0.2)

GEM
  remote: https://rubygems.org/
  specs:
    coderay (1.0.9)
    colorize (0.5.8)
    method_source (0.8.1)
    pry (0.9.12)
      coderay (~> 1.0.5)
      method_source (~> 0.8)
      slop (~> 3.4)
    slop (3.4.4)

PLATFORMS
  ruby

DEPENDENCIES
  colorize
  pry
  trie!
