GIT
  remote: git://github.com/tyler/trie.git
  revision: 7452dd99df7319ad0ecd5061e7188441c3f37d09
  specs:
    fast_trie (0.5.0)

GEM
  remote: https://rubygems.org/
  specs:
    coderay (1.0.9)
    colorize (0.5.8)
    method_source (0.8.1)
    pry (0.9.12)
      coderay (~> 1.0.5)
      method_source (~> 0.8)
      slop (~> 3.4)
    slop (3.4.4)

PLATFORMS
  ruby

DEPENDENCIES
  colorize
  fast_trie!
  pry
